GEM
  remote: http://rubygems.org/
  specs:
    bson (1.1.2)
    bson_ext (1.1.1)
    mongo (1.1.2)
      bson (>= 1.1.1)
    rack (1.2.1)
    sinatra (1.1.0)
      rack (~> 1.1)
      tilt (~> 1.1)
    tilt (1.1)
    youtube-g (0.5.0)

PLATFORMS
  ruby

DEPENDENCIES
  bson_ext
  mongo
  sinatra
  youtube-g
